GIT
  remote: https://github.com/warneboldt/nested_form.git
  revision: 35a2cf060680280413880337a3f89bdec469301c
  ref: 35a2cf060680280413880337a3f89bdec469301c
  specs:
    nested_form (0.3.2)

GEM
  remote: https://rubygems.org/
  specs:
    CFPropertyList (2.3.1)
    actionmailer (3.2.21)
      actionpack (= 3.2.21)
      mail (~> 2.5.4)
    actionpack (3.2.21)
      activemodel (= 3.2.21)
      activesupport (= 3.2.21)
      builder (~> 3.0.0)
      erubis (~> 2.7.0)
      journey (~> 1.0.4)
      rack (~> 1.4.5)
      rack-cache (~> 1.2)
      rack-test (~> 0.6.1)
      sprockets (~> 2.2.1)
    activemodel (3.2.21)
      activesupport (= 3.2.21)
      builder (~> 3.0.0)
    activerecord (3.2.21)
      activemodel (= 3.2.21)
      activesupport (= 3.2.21)
      arel (~> 3.0.2)
      tzinfo (~> 0.3.29)
    activeresource (3.2.21)
      activemodel (= 3.2.21)
      activesupport (= 3.2.21)
    activesupport (3.2.21)
      i18n (~> 0.6, >= 0.6.4)
      multi_json (~> 1.0)
    addressable (2.3.8)
    ancestry (1.3.0)
      activerecord (>= 2.3.14)
    annotate (2.6.10)
      activerecord (>= 3.2, <= 4.3)
      rake (~> 10.4)
    ansi (1.5.0)
    arel (3.0.3)
    atomic (1.1.99)
    authlogic (3.4.5)
      activerecord (>= 3.2)
      activesupport (>= 3.2)
      request_store (~> 1.0)
      scrypt (~> 1.2)
    autoparse (0.3.3)
      addressable (>= 2.3.1)
      extlib (>= 0.9.15)
      multi_json (>= 1.0.0)
    awesome_print (1.6.1)
    aws-sdk (1.64.0)
      aws-sdk-v1 (= 1.64.0)
    aws-sdk-v1 (1.64.0)
      json (~> 1.4)
      nokogiri (>= 1.4.4)
    binding_of_caller (0.7.2)
      debug_inspector (>= 0.0.1)
    bluecloth (2.2.0)
    bugsnag (2.8.7)
      multi_json (~> 1.0)
    builder (3.0.4)
    bullet (4.14.7)
      activesupport (>= 3.0.0)
      uniform_notifier (~> 1.9.0)
    cancan (1.6.7)
    celluloid (0.16.0)
      timers (~> 4.0.0)
    childprocess (0.5.6)
      ffi (~> 1.0, >= 1.0.11)
    choice (0.2.0)
    climate_control (0.0.3)
      activesupport (>= 3.0)
    clockwork (1.2.0)
      activesupport
      tzinfo
    cocaine (0.5.7)
      climate_control (>= 0.0.3, < 1.0)
    coderay (1.1.0)
    coffee-rails (3.2.2)
      coffee-script (>= 2.2.0)
      railties (~> 3.2.0)
    coffee-script (2.4.1)
      coffee-script-source
      execjs
    coffee-script-source (1.9.1.1)
    connection_pool (2.2.0)
    daemons (1.2.2)
    dalli (2.7.4)
    debug_inspector (0.0.2)
    delayed_job (4.0.6)
      activesupport (>= 3.0, < 5.0)
    delayed_job_active_record (4.0.3)
      activerecord (>= 3.0, < 5.0)
      delayed_job (>= 3.0, < 4.1)
    delayed_job_web (1.2.5)
      activerecord (> 3.0.0)
      delayed_job (> 2.0.3)
      sinatra (>= 0.9.2)
    diff-lcs (1.2.5)
    em-websocket (0.5.1)
      eventmachine (>= 0.12.9)
      http_parser.rb (~> 0.6.0)
    erubis (2.7.0)
    eventmachine (1.0.7)
    exception_notification (4.1.0)
      actionmailer (>= 3.0.4)
      activesupport (>= 3.0.4)
    excon (0.45.3)
    execjs (2.5.2)
    extlib (0.9.16)
    faraday (0.9.1)
      multipart-post (>= 1.2, < 3)
    ffi (1.9.8)
    ffi-compiler (0.1.3)
      ffi (>= 1.0.0)
      rake
    fission (0.5.0)
      CFPropertyList (~> 2.2)
    fog (1.30.0)
      fog-atmos
      fog-aws (~> 0.0)
      fog-brightbox (~> 0.4)
      fog-core (~> 1.27, >= 1.27.4)
      fog-ecloud
      fog-google (>= 0.0.2)
      fog-json
      fog-local
      fog-powerdns (>= 0.1.1)
      fog-profitbricks
      fog-radosgw (>= 0.0.2)
      fog-riakcs
      fog-sakuracloud (>= 0.0.4)
      fog-serverlove
      fog-softlayer
      fog-storm_on_demand
      fog-terremark
      fog-vmfusion
      fog-voxel
      fog-xml (~> 0.1.1)
      ipaddress (~> 0.5)
      nokogiri (~> 1.5, >= 1.5.11)
    fog-atmos (0.1.0)
      fog-core
      fog-xml
    fog-aws (0.4.0)
      fog-core (~> 1.27)
      fog-json (~> 1.0)
      fog-xml (~> 0.1)
      ipaddress (~> 0.8)
    fog-brightbox (0.7.1)
      fog-core (~> 1.22)
      fog-json
      inflecto (~> 0.0.2)
    fog-core (1.30.0)
      builder
      excon (~> 0.45)
      formatador (~> 0.2)
      mime-types
      net-scp (~> 1.1)
      net-ssh (>= 2.1.3)
    fog-ecloud (0.1.1)
      fog-core
      fog-xml
    fog-google (0.0.5)
      fog-core
      fog-json
      fog-xml
    fog-json (1.0.2)
      fog-core (~> 1.0)
      multi_json (~> 1.10)
    fog-local (0.2.1)
      fog-core (~> 1.27)
    fog-powerdns (0.1.1)
      fog-core (~> 1.27)
      fog-json (~> 1.0)
      fog-xml (~> 0.1)
    fog-profitbricks (0.0.2)
      fog-core
      fog-xml
      nokogiri
    fog-radosgw (0.0.4)
      fog-core (>= 1.21.0)
      fog-json
      fog-xml (>= 0.0.1)
    fog-riakcs (0.1.0)
      fog-core
      fog-json
      fog-xml
    fog-sakuracloud (1.0.1)
      fog-core
      fog-json
    fog-serverlove (0.1.2)
      fog-core
      fog-json
    fog-softlayer (0.4.6)
      fog-core
      fog-json
    fog-storm_on_demand (0.1.1)
      fog-core
      fog-json
    fog-terremark (0.1.0)
      fog-core
      fog-xml
    fog-vmfusion (0.1.0)
      fission
      fog-core
    fog-voxel (0.1.0)
      fog-core
      fog-xml
    fog-xml (0.1.2)
      fog-core
      nokogiri (~> 1.5, >= 1.5.11)
    formatador (0.2.5)
    google-api-client (0.7.1)
      addressable (>= 2.3.2)
      autoparse (>= 0.3.3)
      extlib (>= 0.9.15)
      faraday (>= 0.9.0)
      jwt (>= 0.1.5)
      launchy (>= 2.1.1)
      multi_json (>= 1.0.0)
      retriable (>= 1.4)
      signet (>= 0.5.0)
      uuidtools (>= 2.1.0)
    guard (2.12.5)
      formatador (>= 0.2.4)
      listen (~> 2.7)
      lumberjack (~> 1.0)
      nenv (~> 0.1)
      notiffany (~> 0.0)
      pry (>= 0.9.12)
      shellany (~> 0.0)
      thor (>= 0.18.1)
    guard-compat (1.2.1)
    guard-livereload (2.4.0)
      em-websocket (~> 0.5)
      guard (~> 2.8)
      multi_json (~> 1.8)
    guard-rspec (4.5.1)
      guard (~> 2.1)
      guard-compat (~> 1.1)
      rspec (>= 2.99.0, < 4.0)
    guard-spork (2.1.0)
      childprocess (>= 0.2.3)
      guard (~> 2.0)
      guard-compat (~> 1.0)
      spork (>= 0.8.4)
    haml (4.0.6)
      tilt
    haml-rails (0.4)
      actionpack (>= 3.1, < 4.1)
      activesupport (>= 3.1, < 4.1)
      haml (>= 3.1, < 4.1)
      railties (>= 3.1, < 4.1)
    heroku (3.37.5)
      heroku-api (>= 0.3.19)
      launchy (>= 0.3.2)
      multi_json (>= 1.10)
      netrc (>= 0.10.0)
      rest-client (>= 1.6.0)
      rubyzip (>= 0.9.9)
    heroku-api (0.3.23)
      excon (~> 0.44)
      multi_json (~> 1.8)
    heroku_cloud_backup (0.1.3)
      fog (>= 1.6.0)
      heroku (>= 2.32.14)
    highcharts-rails (4.1.5)
      railties (>= 3.1)
    hike (1.2.3)
    hirb (0.7.3)
    hirefire-resource (0.3.7)
    hitimes (1.2.2)
    hodel_3000_compliant_logger (0.1.1)
    htmlentities (4.3.3)
    http_parser.rb (0.6.0)
    i18n (0.7.0)
    indefinite_article (0.2.4)
      activesupport
    inflecto (0.0.2)
    ipaddress (0.8.0)
    journey (1.0.4)
    jquery-datatables-rails (3.1.1)
      actionpack (>= 3.1)
      jquery-rails
      railties (>= 3.1)
      sass-rails
    jquery-rails (1.0.19)
      railties (~> 3.0)
      thor (~> 0.14)
    json (1.8.3)
    jwt (1.5.0)
    kgio (2.9.3)
    launchy (2.4.3)
      addressable (~> 2.3)
    letter_opener (1.4.1)
      launchy (~> 2.2)
    listen (2.10.0)
      celluloid (~> 0.16.0)
      rb-fsevent (>= 0.9.3)
      rb-inotify (>= 0.9)
    lumberjack (1.0.9)
    mail (2.5.4)
      mime-types (~> 1.16)
      treetop (~> 1.4.8)
    method_source (0.8.2)
    mime-types (1.25.1)
    mini_portile (0.6.2)
    minitest (4.7.5)
    multi_json (1.11.0)
    multipart-post (2.0.0)
    nenv (0.2.0)
    net-scp (1.2.1)
      net-ssh (>= 2.6.5)
    net-ssh (2.9.2)
    netrc (0.10.3)
    newrelic_rpm (3.12.0.288)
    nifty-generators (0.4.6)
    nokogiri (1.6.6.2)
      mini_portile (~> 0.6.0)
    notiffany (0.0.6)
      nenv (~> 0.1)
      shellany (~> 0.0)
    oink (0.10.1)
      activerecord
      hodel_3000_compliant_logger
    paper_trail (2.7.2)
      activerecord (~> 3.0)
      railties (~> 3.0)
    paperclip (2.8.0)
      activerecord (>= 2.3.0)
      activesupport (>= 2.3.2)
      cocaine (>= 0.0.2)
      mime-types
    peek (0.1.9)
      atomic (>= 1.0.0)
      railties (>= 3.0.0)
    pg (0.18.2)
    polyglot (0.3.5)
    pry (0.10.1)
      coderay (~> 1.1.0)
      method_source (~> 0.8.1)
      slop (~> 3.4)
    pry-doc (0.6.0)
      pry (~> 0.9)
      yard (~> 0.8)
    pry-nav (0.2.4)
      pry (>= 0.9.10, < 0.11.0)
    pry-rails (0.3.4)
      pry (>= 0.9.10)
    pry-stack_explorer (0.4.9.2)
      binding_of_caller (>= 0.7)
      pry (>= 0.9.11)
    public_activity (1.4.2)
      actionpack (>= 3.0.0)
      activerecord (>= 3.0)
      i18n (>= 0.5.0)
      railties (>= 3.0.0)
    quiet_assets (1.1.0)
      railties (>= 3.1, < 5.0)
    rack (1.4.5)
    rack-cache (1.2)
      rack (>= 0.4)
    rack-livereload (0.3.15)
      rack
    rack-ssl (1.3.4)
      rack
    rack-test (0.6.3)
      rack (>= 1.0)
    rack-timeout (0.2.4)
    rails (3.2.21)
      actionmailer (= 3.2.21)
      actionpack (= 3.2.21)
      activerecord (= 3.2.21)
      activeresource (= 3.2.21)
      activesupport (= 3.2.21)
      bundler (~> 1.0)
      railties (= 3.2.21)
    rails-erd (1.4.0)
      activerecord (>= 3.2)
      activesupport (>= 3.2)
      choice (~> 0.2.0)
      ruby-graphviz (~> 1.2)
    rails_12factor (0.0.3)
      rails_serve_static_assets
      rails_stdout_logging
    rails_serve_static_assets (0.0.4)
    rails_stdout_logging (0.0.3)
    railties (3.2.21)
      actionpack (= 3.2.21)
      activesupport (= 3.2.21)
      rack-ssl (~> 1.3.2)
      rake (>= 0.8.7)
      rdoc (~> 3.4)
      thor (>= 0.14.6, < 2.0)
    raindrops (0.13.0)
    rake (10.4.2)
    rb-fsevent (0.9.5)
    rb-inotify (0.9.5)
      ffi (>= 0.5.0)
    rdoc (3.12.2)
      json (~> 1.4)
    request_store (1.1.0)
    rest-client (1.6.8)
      mime-types (~> 1.16)
      rdoc (>= 2.4.2)
    retriable (2.0.2)
    rspec (3.2.0)
      rspec-core (~> 3.2.0)
      rspec-expectations (~> 3.2.0)
      rspec-mocks (~> 3.2.0)
    rspec-core (3.2.3)
      rspec-support (~> 3.2.0)
    rspec-expectations (3.2.1)
      diff-lcs (>= 1.2.0, < 2.0)
      rspec-support (~> 3.2.0)
    rspec-mocks (3.2.1)
      diff-lcs (>= 1.2.0, < 2.0)
      rspec-support (~> 3.2.0)
    rspec-rails (3.2.1)
      actionpack (>= 3.0, < 4.3)
      activesupport (>= 3.0, < 4.3)
      railties (>= 3.0, < 4.3)
      rspec-core (~> 3.2.0)
      rspec-expectations (~> 3.2.0)
      rspec-mocks (~> 3.2.0)
      rspec-support (~> 3.2.0)
    rspec-support (3.2.2)
    ruby-graphviz (1.2.2)
    rubyzip (1.1.7)
    safety_mailer (0.0.10)
    sass (3.1.21)
    sass-rails (3.2.6)
      railties (~> 3.2.0)
      sass (>= 3.1.10)
      tilt (~> 1.3)
    scrypt (1.2.1)
      ffi-compiler (>= 0.0.2)
      rake
    sequel (3.20.0)
    shellany (0.0.1)
    signet (0.6.0)
      addressable (~> 2.3)
      extlib (~> 0.9)
      faraday (~> 0.9)
      jwt (~> 1.0)
      multi_json (~> 1.10)
    simple_form (2.1.2)
      actionpack (~> 3.0)
      activemodel (~> 3.0)
    sinatra (1.0)
      rack (>= 1.0)
    slop (3.6.0)
    spork (1.0.0rc4)
    sprockets (2.2.3)
      hike (~> 1.2)
      multi_json (~> 1.0)
      rack (~> 1.0)
      tilt (~> 1.1, != 1.3.0)
    taps (0.3.24)
      rack (>= 1.0.1)
      rest-client (>= 1.4.0, < 1.7.0)
      sequel (~> 3.20.0)
      sinatra (~> 1.0.0)
    thin (1.6.3)
      daemons (~> 1.0, >= 1.0.9)
      eventmachine (~> 1.0)
      rack (~> 1.0)
    thor (0.19.1)
    tilt (1.4.1)
    timers (4.0.1)
      hitimes
    treetop (1.4.15)
      polyglot
      polyglot (>= 0.3.1)
    turn (0.9.7)
      ansi
      minitest (~> 4)
    tzinfo (0.3.44)
    uglifier (2.7.1)
      execjs (>= 0.3.0)
      json (>= 1.8.0)
    unicorn (4.9.0)
      kgio (~> 2.6)
      rack
      raindrops (~> 0.7)
    uniform_notifier (1.9.0)
    uuidtools (2.1.5)
    valid_url (0.0.4)
      addressable
      rails
    validates_email_format_of (1.6.2)
      i18n
    wannabe_bool (0.1.1)
    will_paginate (3.0.7)
    yard (0.8.7.6)

PLATFORMS
  ruby

DEPENDENCIES
  ancestry (~> 1.3.0)
  annotate (~> 2.6.5)
  authlogic
  awesome_print
  aws-sdk (< 2.0)
  bluecloth
  bugsnag
  bullet
  cancan (= 1.6.7)
  clockwork
  coffee-rails (~> 3.2.2)
  connection_pool
  daemons
  dalli
  delayed_job
  delayed_job_active_record
  delayed_job_web
  exception_notification
  google-api-client (= 0.7.1)
  guard
  guard-livereload
  guard-rspec
  guard-spork
  haml-rails (~> 0.4)
  heroku_cloud_backup
  highcharts-rails
  hirb
  hirefire-resource
  htmlentities
  indefinite_article
  jquery-datatables-rails (= 3.1.1)
  jquery-rails (~> 1.0.16)
  kgio
  letter_opener
  nested_form!
  newrelic_rpm
  nifty-generators
  nokogiri
  oink
  paper_trail (~> 2.7)
  paperclip (~> 2.7)
  peek
  pg
  pry-doc
  pry-nav
  pry-rails
  pry-stack_explorer
  public_activity
  quiet_assets
  rack-cache
  rack-livereload
  rack-timeout
  rails (= 3.2.21)
  rails-erd
  rails_12factor
  rb-fsevent (~> 0.9.1)
  rspec (~> 3.2)
  rspec-rails
  safety_mailer
  sass (~> 3.1.10)
  sass-rails (~> 3.2.6)
  simple_form (~> 2.1)
  spork (> 0.9.0rc)
  taps
  thin
  turn
  uglifier (>= 1.0.3)
  unicorn
  valid_url
  validates_email_format_of
  wannabe_bool (~> 0.1.0)
  will_paginate (~> 3.0.0)

BUNDLED WITH
   1.10.3
